GEM
  remote: https://rubygems.org/
  specs:
    ast (2.3.0)
    daemons (1.2.4)
    eventmachine (1.2.5)
    parallel (1.12.0)
    parser (2.4.0.0)
      ast (~> 2.2)
    pg (0.21.0)
    powerpack (0.1.1)
    rack (2.2.6.2)
    rack-smack (1.0.0)
    rainbow (2.2.2)
      rake
    rake (13.0.1)
    rubocop (0.50.0)
      parallel (~> 1.10)
      parser (>= 2.3.3.1, < 3.0)
      powerpack (~> 0.1)
      rainbow (>= 2.2.2, < 3.0)
      ruby-progressbar (~> 1.7)
      unicode-display_width (~> 1.0, >= 1.0.1)
    ruby-progressbar (1.9.0)
    sequel (5.1.0)
    sqlite3 (1.3.13)
    thin (1.7.2)
      daemons (~> 1.0, >= 1.0.9)
      eventmachine (~> 1.0, >= 1.0.4)
      rack (>= 1, < 3)
    unicode-display_width (1.3.0)

PLATFORMS
  ruby

DEPENDENCIES
  pg
  rack
  rack-smack
  rubocop
  sequel
  sqlite3
  thin

BUNDLED WITH
   1.16.6
